GEM
  remote: http://rubygems.org/
  specs:
    faraday (0.8.9)
      multipart-post (~> 1.2.0)
    faraday_middleware (0.9.1)
      faraday (>= 0.7.4, < 0.10)
    hashie (3.1.0)
    multi_json (1.10.1)
    multipart-post (1.2.0)
    pocket-ruby (0.0.4)
      faraday (>= 0.7, < 0.9)
      faraday_middleware (~> 0.8)
      hashie (>= 0.4.0)
      multi_json (~> 1.0, >= 1.0.3)
    rack (1.5.2)
    rack-protection (1.5.3)
      rack
    sinatra (1.4.5)
      rack (~> 1.4)
      rack-protection (~> 1.4)
      tilt (~> 1.3, >= 1.3.4)
    tilt (1.4.1)

PLATFORMS
  ruby

DEPENDENCIES
  pocket-ruby
  sinatra
